GEM
  remote: https://rubygems.org/
  specs:
    activesupport (4.0.13)
      i18n (~> 0.6, >= 0.6.9)
      minitest (~> 4.2)
      multi_json (~> 1.3)
      thread_safe (~> 0.1)
      tzinfo (~> 0.3.37)
    aws-sdk (2.5.11)
      aws-sdk-resources (= 2.5.11)
    aws-sdk-core (2.5.11)
      jmespath (~> 1.0)
    aws-sdk-resources (2.5.11)
      aws-sdk-core (= 2.5.11)
    aws_config (0.0.4)
    awsecrets (1.4.0)
      aws-sdk (>= 2.2, < 2.6)
      aws_config (= 0.0.4)
    awspec (0.57.1)
      activesupport (~> 4.0)
      aws-sdk (>= 2.2, < 2.6)
      awsecrets (~> 1.4.0)
      rspec (~> 3.0)
      rspec-its
      term-ansicolor
      thor
    deep_merge (1.1.1)
    diff-lcs (1.2.5)
    docker-api (1.32.1)
      excon (>= 0.38.0)
      json
    excon (0.53.0)
    i18n (0.7.0)
    jmespath (1.3.1)
    json (2.0.2)
    minitest (4.7.5)
    multi_json (1.12.1)
    net-scp (1.2.1)
      net-ssh (>= 2.6.5)
    net-ssh (3.2.0)
    net-telnet (0.1.1)
    rake (11.3.0)
    rhcl (0.1.0)
      deep_merge
    rspec (3.5.0)
      rspec-core (~> 3.5.0)
      rspec-expectations (~> 3.5.0)
      rspec-mocks (~> 3.5.0)
    rspec-core (3.5.4)
      rspec-support (~> 3.5.0)
    rspec-expectations (3.5.0)
      diff-lcs (>= 1.2.0, < 2.0)
      rspec-support (~> 3.5.0)
    rspec-its (1.2.0)
      rspec-core (>= 3.0.0)
      rspec-expectations (>= 3.0.0)
    rspec-mocks (3.5.0)
      diff-lcs (>= 1.2.0, < 2.0)
      rspec-support (~> 3.5.0)
    rspec-support (3.5.0)
    serverspec (2.37.2)
      multi_json
      rspec (~> 3.0)
      rspec-its
      specinfra (~> 2.53)
    sfl (2.3)
    should_not (1.1.0)
    specinfra (2.63.3)
      net-scp
      net-ssh (>= 2.7, < 4.0)
      net-telnet
      sfl
    term-ansicolor (1.4.0)
      tins (~> 1.0)
    thor (0.19.1)
    thread_safe (0.3.5)
    tins (1.12.0)
    tzinfo (0.3.52)

PLATFORMS
  ruby

DEPENDENCIES
  aws-sdk (>= 2.2, < 2.6)
  awsecrets (~> 1.4.0)
  awspec (~> 0.57.1)
  docker-api (~> 1.32.1)
  rake
  rhcl (~> 0.1.0)
  rspec (~> 3.5.0)
  serverspec (~> 2.37.2)
  should_not

BUNDLED WITH
   1.13.5
